GEM
  remote: https://rubygems.org/
  specs:
    gly (0.0.2)
      thor (~> 0)
    rake (10.4.2)
    thor (0.19.1)

PLATFORMS
  ruby

DEPENDENCIES
  gly
  rake

BUNDLED WITH
   1.10.6
